GEM
  remote: https://rubygems.org/
  specs:
    activesupport (4.1.4)
      i18n (~> 0.6, >= 0.6.9)
      json (~> 1.7, >= 1.7.7)
      minitest (~> 5.1)
      thread_safe (~> 0.1)
      tzinfo (~> 1.1)
    chartkick (1.3.2)
    coderay (1.1.0)
    groupdate (2.2.1)
      activesupport (>= 3)
    i18n (0.6.11)
    json (1.8.1)
    method_source (0.8.2)
    minitest (5.4.0)
    pry (0.10.0)
      coderay (~> 1.1.0)
      method_source (~> 0.8.1)
      slop (~> 3.4)
    rack (1.5.2)
    rack-protection (1.5.3)
      rack
    sinatra (1.4.5)
      rack (~> 1.4)
      rack-protection (~> 1.4)
      tilt (~> 1.3, >= 1.3.4)
    slop (3.5.0)
    thread_safe (0.3.4)
    tilt (1.4.1)
    tzinfo (1.2.1)
      thread_safe (~> 0.1)

PLATFORMS
  ruby

DEPENDENCIES
  chartkick
  groupdate
  pry
  sinatra
